GEM
  remote: https://rubygems.org/
  specs:
    date (3.3.3)
    dotenv (2.8.1)
    net-http (0.3.2)
      uri
    open-uri (0.3.0)
      stringio
      time
      uri
    rexml (3.2.5)
    rss (0.2.9)
      rexml
    stringio (3.0.4)
    time (0.2.1)
      date
    uri (0.12.0)

PLATFORMS
  arm64-darwin-22

DEPENDENCIES
  dotenv
  net-http
  open-uri
  rss
  uri

RUBY VERSION
   ruby 3.1.3p185

BUNDLED WITH
   2.3.26
